GEM
  remote: https://rubygems.org/
  specs:
    handlebars (0.8.0)
      handlebars-source (~> 4.0.5)
      therubyracer (~> 0.12.1)
    handlebars-source (4.0.5)
    libv8 (3.16.14.15)
    redcarpet (3.3.4)
    ref (2.0.0)
    therubyracer (0.12.2)
      libv8 (~> 3.16.14.0)
      ref

PLATFORMS
  ruby

DEPENDENCIES
  handlebars
  redcarpet

BUNDLED WITH
   1.12.5
